GEM
  remote: http://rubygems.org/
  specs:
<<<<<<< HEAD
    actionmailer (3.1.0)
      actionpack (= 3.1.0)
      mail (~> 2.3.0)
    actionpack (3.1.0)
      activemodel (= 3.1.0)
      activesupport (= 3.1.0)
      builder (~> 3.0.0)
      erubis (~> 2.7.0)
      i18n (~> 0.6)
      rack (~> 1.3.2)
      rack-cache (~> 1.0.3)
      rack-mount (~> 0.8.2)
      rack-test (~> 0.6.1)
      sprockets (~> 2.0.0)
    activemodel (3.1.0)
      activesupport (= 3.1.0)
      bcrypt-ruby (~> 3.0.0)
      builder (~> 3.0.0)
      i18n (~> 0.6)
    activerecord (3.1.0)
      activemodel (= 3.1.0)
      activesupport (= 3.1.0)
      arel (~> 2.2.1)
      tzinfo (~> 0.3.29)
    activeresource (3.1.0)
      activemodel (= 3.1.0)
      activesupport (= 3.1.0)
    activesupport (3.1.0)
      multi_json (~> 1.0)
    arel (2.2.1)
    babosa (0.3.5)
    bcrypt-ruby (3.0.0-x86-mingw32)
    builder (3.0.0)
    coffee-rails (3.1.0)
      coffee-script (>= 2.2.0)
      railties (~> 3.1.0.rc1)
    coffee-script (2.2.0)
      coffee-script-source
      execjs
    coffee-script-source (1.1.2)
    erubis (2.7.0)
    execjs (1.2.4)
      multi_json (~> 1.0)
    friendly_id (3.3.0.1)
      babosa (~> 0.3.0)
    hike (1.2.1)
    i18n (0.6.0)
    jquery-rails (1.0.13)
=======
    actionmailer (3.1.0.rc5)
      actionpack (= 3.1.0.rc5)
      mail (~> 2.3.0)
    actionpack (3.1.0.rc5)
      activemodel (= 3.1.0.rc5)
      activesupport (= 3.1.0.rc5)
      builder (~> 3.0.0)
      erubis (~> 2.7.0)
      i18n (~> 0.6)
      rack (~> 1.3.1)
      rack-cache (~> 1.0.2)
      rack-mount (~> 0.8.1)
      rack-test (~> 0.6.0)
      sprockets (~> 2.0.0.beta.12)
    activemodel (3.1.0.rc5)
      activesupport (= 3.1.0.rc5)
      bcrypt-ruby (~> 2.1.4)
      builder (~> 3.0.0)
      i18n (~> 0.6)
    activerecord (3.1.0.rc5)
      activemodel (= 3.1.0.rc5)
      activesupport (= 3.1.0.rc5)
      arel (~> 2.1.4)
      tzinfo (~> 0.3.29)
    activeresource (3.1.0.rc5)
      activemodel (= 3.1.0.rc5)
      activesupport (= 3.1.0.rc5)
    activesupport (3.1.0.rc5)
      multi_json (~> 1.0)
    arel (2.1.4)
    babosa (0.3.5)
    bcrypt-ruby (2.1.4-x86-mingw32)
    builder (3.0.0)
    coffee-rails (3.1.0.rc.5)
      actionpack (~> 3.1.0.rc1)
      coffee-script (>= 2.2.0)
      railties (~> 3.1.0.rc1)
      sprockets (>= 2.0.0.beta.9)
    coffee-script (2.2.0)
      coffee-script-source
      execjs
    coffee-script-source (1.1.1)
    erubis (2.7.0)
    execjs (1.2.0)
      multi_json (~> 1.0)
    friendly_id (3.3.0.rc2)
      babosa (~> 0.3.0)
    hike (1.2.0)
    i18n (0.6.0)
    jquery-rails (1.0.12)
>>>>>>> a46b443bef91a60c17a19dbd77cec95c540f65a2
      railties (~> 3.0)
      thor (~> 0.14)
    mail (2.3.0)
      i18n (>= 0.4.0)
      mime-types (~> 1.16)
      treetop (~> 1.4.8)
    mime-types (1.16)
    multi_json (1.0.3)
    pg (0.11.0-x86-mingw32)
    polyglot (0.3.2)
    rack (1.3.2)
<<<<<<< HEAD
    rack-cache (1.0.3)
      rack (>= 0.4)
    rack-mount (0.8.3)
=======
    rack-cache (1.0.2)
      rack (>= 0.4)
    rack-mount (0.8.1)
>>>>>>> a46b443bef91a60c17a19dbd77cec95c540f65a2
      rack (>= 1.0.0)
    rack-ssl (1.3.2)
      rack
    rack-test (0.6.1)
      rack (>= 1.0)
<<<<<<< HEAD
    rails (3.1.0)
      actionmailer (= 3.1.0)
      actionpack (= 3.1.0)
      activerecord (= 3.1.0)
      activeresource (= 3.1.0)
      activesupport (= 3.1.0)
      bundler (~> 1.0)
      railties (= 3.1.0)
    railties (3.1.0)
      actionpack (= 3.1.0)
      activesupport (= 3.1.0)
=======
    rails (3.1.0.rc5)
      actionmailer (= 3.1.0.rc5)
      actionpack (= 3.1.0.rc5)
      activerecord (= 3.1.0.rc5)
      activeresource (= 3.1.0.rc5)
      activesupport (= 3.1.0.rc5)
      bundler (~> 1.0)
      railties (= 3.1.0.rc5)
    railties (3.1.0.rc5)
      actionpack (= 3.1.0.rc5)
      activesupport (= 3.1.0.rc5)
>>>>>>> a46b443bef91a60c17a19dbd77cec95c540f65a2
      rack-ssl (~> 1.3.2)
      rake (>= 0.8.7)
      rdoc (~> 3.4)
      thor (~> 0.14.6)
    rake (0.9.2)
<<<<<<< HEAD
    rdoc (3.9.4)
    sass (3.1.7)
    sass-rails (3.1.0)
      actionpack (~> 3.1.0)
      railties (~> 3.1.0)
      sass (>= 3.1.4)
    sprockets (2.0.0)
=======
    rdoc (3.8)
    sass (3.1.5)
    sass-rails (3.1.0.rc.5)
      actionpack (~> 3.1.0.rc1)
      railties (~> 3.1.0.rc1)
      sass (>= 3.1.4)
      sprockets (>= 2.0.0.beta.9)
    sprockets (2.0.0.beta.12)
>>>>>>> a46b443bef91a60c17a19dbd77cec95c540f65a2
      hike (~> 1.2)
      rack (~> 1.0)
      tilt (!= 1.3.0, ~> 1.1)
    sqlite3 (1.3.4-x86-mingw32)
    thor (0.14.6)
<<<<<<< HEAD
    tilt (1.3.3)
=======
    tilt (1.3.2)
>>>>>>> a46b443bef91a60c17a19dbd77cec95c540f65a2
    treetop (1.4.10)
      polyglot
      polyglot (>= 0.3.1)
    tzinfo (0.3.29)
<<<<<<< HEAD
    uglifier (1.0.3)
=======
    uglifier (1.0.0)
>>>>>>> a46b443bef91a60c17a19dbd77cec95c540f65a2
      execjs (>= 0.3.0)
      multi_json (>= 1.0.2)

PLATFORMS
  x86-mingw32

DEPENDENCIES
<<<<<<< HEAD
  coffee-rails (~> 3.1.0)
  friendly_id (~> 3.3.0.rc2)
  jquery-rails
  pg
  rails (= 3.1.0)
  sass-rails (~> 3.1.0)
=======
  coffee-rails (~> 3.1.0.rc)
  friendly_id (~> 3.3.0.rc2)
  jquery-rails
  pg
  rails (= 3.1.0.rc5)
  sass-rails (~> 3.1.0.rc)
>>>>>>> a46b443bef91a60c17a19dbd77cec95c540f65a2
  sqlite3
  uglifier
